GEM
  remote: https://rubygems.org/
  specs:
    minitest (5.14.2)
    rainbow (3.0.0)
    rake (13.0.1)
    rubocop (0.7.0)
      rainbow (>= 1.1.4)

PLATFORMS
  ruby

DEPENDENCIES
  minitest (= 5.14.2)
  rake (= 13.0.1)
  rubocop (= 0.7)

BUNDLED WITH
   2.1.2
